GEM
  remote: https://rubygems.org/
  specs:
    activemodel (5.1.2)
      activesupport (= 5.1.2)
    activerecord (5.1.2)
      activemodel (= 5.1.2)
      activesupport (= 5.1.2)
      arel (~> 8.0)
    activesupport (5.1.2)
      concurrent-ruby (~> 1.0, >= 1.0.2)
      i18n (~> 0.7)
      minitest (~> 5.1)
      tzinfo (~> 1.1)
    arel (8.0.0)
    button (2.3.0)
    byebug (9.0.6)
    concurrent-ruby (1.0.5)
    dotenv (2.2.1)
    i18n (0.8.4)
    json (2.1.0)
    kgio (2.11.0)
    minitest (5.10.2)
    money (6.9.0)
      i18n (>= 0.6.4, < 0.9)
    mustermann (1.0.0)
    numbers_in_words (0.4.0)
      activesupport
    pg (0.21.0)
    rack (2.0.3)
    rack-protection (2.0.0)
      rack
    raindrops (0.18.0)
    rake (12.0.0)
    sinatra (2.0.0)
      mustermann (~> 1.0)
      rack (~> 2.0)
      rack-protection (= 2.0.0)
      tilt (~> 2.0)
    sinatra-activerecord (2.0.13)
      activerecord (>= 3.2)
      sinatra (>= 1.0)
    sinatra-flash (0.3.0)
      sinatra (>= 1.0.0)
    thread_safe (0.3.6)
    tilt (2.0.7)
    tzinfo (1.2.3)
      thread_safe (~> 0.1)
    unicorn (5.3.0)
      kgio (~> 2.6)
      raindrops (~> 0.7)

PLATFORMS
  ruby

DEPENDENCIES
  activerecord
  button
  byebug
  dotenv
  json
  money
  numbers_in_words
  pg
  rake
  sinatra
  sinatra-activerecord
  sinatra-flash
  unicorn

RUBY VERSION
   ruby 2.4.6

BUNDLED WITH
   1.14.6
